PATH
  remote: .
  specs:
    macronconversions (1.0.0)

GEM
  remote: http://rubygems.org/
  specs:

PLATFORMS
  ruby

DEPENDENCIES
  macronconversions!
