PATH
  remote: .
  specs:
    macronconversions (1.0.0)
      multi_json (~> 1.8)
      rake

GEM
  remote: http://rubygems.org/
  specs:
    multi_json (1.14.1)
    rake (13.0.1)

PLATFORMS
  ruby

DEPENDENCIES
  macronconversions!
